GEM
  remote: https://rubygems.org/
  specs:
    adsf (1.2.0)
      rack (>= 1.0.0)
    builder (3.2.2)
    colored (1.2)
    cri (2.6.1)
      colored (~> 1.2)
    highline (1.6.21)
    kramdown (1.3.3)
    nanoc (3.7.0)
      cri (~> 2.3)
    rack (1.5.2)
    rainpress (1.0)
    stringex (2.5.2)

PLATFORMS
  ruby
  x64-mingw32
  x86-mingw32

DEPENDENCIES
  adsf
  builder
  highline
  kramdown
  nanoc
  rainpress
  stringex

BUNDLED WITH
   1.10.2
